GEM
  remote: https://rubygems.org/
  specs:
    nokogiri (1.5.6)
    patron (0.4.18)

PLATFORMS
  ruby

DEPENDENCIES
  nokogiri
  patron
