GEM
  remote: https://rubygems.org/
  specs:
    anemone (0.7.2)
      nokogiri (>= 1.3.0)
      robotex (>= 1.0.0)
    nokogiri (1.5.6)
    robotex (1.0.0)
    smart_colored (1.1.1)

PLATFORMS
  ruby

DEPENDENCIES
  anemone
  smart_colored
